GEM
  remote: https://rubygems.org/
  specs:
    activemodel (4.2.6)
      activesupport (= 4.2.6)
      builder (~> 3.1)
    activerecord (4.2.6)
      activemodel (= 4.2.6)
      activesupport (= 4.2.6)
      arel (~> 6.0)
    activesupport (4.2.6)
      i18n (~> 0.7)
      json (~> 1.7, >= 1.7.7)
      minitest (~> 5.1)
      thread_safe (~> 0.3, >= 0.3.4)
      tzinfo (~> 1.1)
    arel (6.0.3)
    builder (3.2.2)
    daemons (1.2.3)
    dotenv (2.1.1)
    eventmachine (1.2.0.1)
    httparty (0.13.7)
      json (~> 1.8)
      multi_xml (>= 0.5.2)
    i18n (0.7.0)
    json (1.8.3)
    minitest (5.9.0)
    multi_xml (0.5.5)
    pg (0.18.4)
    rack (1.6.4)
    rack-protection (1.5.3)
      rack
    rake (11.1.2)
    shotgun (0.9.1)
      rack (>= 1.0)
    sinatra (1.4.7)
      rack (~> 1.5)
      rack-protection (~> 1.4)
      tilt (>= 1.3, < 3)
    sinatra-activerecord (2.0.9)
      activerecord (>= 3.2)
      sinatra (~> 1.0)
    thin (1.7.0)
      daemons (~> 1.0, >= 1.0.9)
      eventmachine (~> 1.0, >= 1.0.4)
      rack (>= 1, < 3)
    thread_safe (0.3.5)
    tilt (2.0.5)
    tzinfo (1.2.2)
      thread_safe (~> 0.1)

PLATFORMS
  ruby

DEPENDENCIES
  activerecord
  dotenv
  httparty
  pg
  rake
  shotgun
  sinatra
  sinatra-activerecord
  thin

BUNDLED WITH
   1.11.2
